GEM
  remote: https://rubygems.org/
  specs:
    backports (2.8.2)
    eventmachine (1.0.0)
    rack (1.5.2)
    rack-protection (1.4.0)
      rack
    rack-test (0.6.2)
      rack (>= 1.0)
    sequel (3.43.0)
    sinatra (1.3.5)
      rack (~> 1.4)
      rack-protection (~> 1.3)
      tilt (~> 1.3, >= 1.3.3)
    sinatra-contrib (1.3.2)
      backports (>= 2.0)
      eventmachine
      rack-protection
      rack-test
      sinatra (~> 1.3.0)
      tilt (~> 1.3)
    slim (1.3.6)
      temple (~> 0.5.5)
      tilt (~> 1.3.3)
    sqlite3 (1.3.7)
    temple (0.5.5)
    tilt (1.3.4)

PLATFORMS
  ruby

DEPENDENCIES
  rack-test
  sequel
  sinatra
  sinatra-contrib
  slim
  sqlite3
